GEM
  remote: http://rubygems.org/
  specs:
    git (1.2.5)
    gosu (0.7.41)
    hpricot (0.8.6)
    jeweler (1.8.3)
      bundler (~> 1.0)
      git (>= 1.2.5)
      rake
      rdoc
    json (1.6.5)
    mustache (0.99.4)
    nokogiri (1.5.0)
    rake (0.9.2.2)
    rdiscount (1.6.8)
    rdoc (3.12)
      json (~> 1.4)
    rmagick (2.13.1)
    ronn (0.7.3)
      hpricot (>= 0.8.2)
      mustache (>= 0.7.0)
      rdiscount (>= 1.5.8)
    sqlite3 (1.3.5)

PLATFORMS
  ruby

DEPENDENCIES
  bundler
  gosu
  jeweler
  nokogiri
  rake
  rmagick
  ronn
  sqlite3
