GIT
  remote: https://github.com/ippa/chingu.git
  revision: ed1ca928bf133219f344c2dc80026884e2ce889d
  tag: v0.9rc5
  specs:
    chingu (0.9rc5)
      gosu (>= 0.7.27.1)

GEM
  remote: http://rubygems.org/
  specs:
    addressable (2.4.0)
    builder (3.2.3)
    descendants_tracker (0.0.4)
      thread_safe (~> 0.3, >= 0.3.1)
    faraday (0.9.2)
      multipart-post (>= 1.2, < 3)
    git (1.4.0)
    github_api (0.16.0)
      addressable (~> 2.4.0)
      descendants_tracker (~> 0.0.4)
      faraday (~> 0.8, < 0.10)
      hashie (>= 3.4)
      mime-types (>= 1.16, < 3.0)
      oauth2 (~> 1.0)
    gosu (0.7.50)
    hashie (3.5.7)
    highline (2.0.0)
    hpricot (0.8.6)
    jeweler (2.3.9)
      builder
      bundler
      git (>= 1.2.5)
      github_api (~> 0.16.0)
      highline (>= 1.6.15)
      nokogiri (>= 1.5.10)
      psych
      rake
      rdoc
      semver2
    jwt (1.5.6)
    mime-types (2.99.3)
    mini_portile2 (2.3.0)
    multi_json (1.13.1)
    multi_xml (0.6.0)
    multipart-post (2.0.0)
    mustache (0.99.5)
    nokogiri (1.8.3)
      mini_portile2 (~> 2.3.0)
    oauth2 (1.4.0)
      faraday (>= 0.8, < 0.13)
      jwt (~> 1.0)
      multi_json (~> 1.3)
      multi_xml (~> 0.5)
      rack (>= 1.2, < 3)
    psych (3.0.2)
    rack (2.0.5)
    rake (12.3.1)
    rdiscount (2.1.7)
    rdoc (6.0.4)
    rmagick (2.13.2)
    ronn (0.7.3)
      hpricot (>= 0.8.2)
      mustache (>= 0.7.0)
      rdiscount (>= 1.5.8)
    semver2 (3.4.2)
    sequel (4.4.0)
    sqlite3 (1.3.8)
    thread_safe (0.3.6)

PLATFORMS
  ruby

DEPENDENCIES
  bundler
  chingu!
  gosu
  jeweler (>= 2.0.0)
  nokogiri (>= 1.8.2)
  rake
  rmagick (= 2.13.2)
  ronn
  sequel
  sqlite3

BUNDLED WITH
   1.16.1
